PATH
  remote: .
  specs:
    castle-rb (3.5.0)

GEM
  remote: https://rubygems.org/
  specs:
    addressable (2.5.2)
      public_suffix (>= 2.0.2, < 4.0)
    byebug (10.0.2)
    coveralls_reborn (0.12.0)
      json (~> 2.1)
      simplecov (~> 0.16.1)
      term-ansicolor (~> 1.6)
      thor (~> 0.20.0)
      tins (~> 1.16)
    crack (0.4.3)
      safe_yaml (~> 1.0.0)
    diff-lcs (1.3)
    docile (1.3.1)
    hashdiff (0.3.7)
    json (2.1.0)
    public_suffix (3.0.3)
    rack (2.0.5)
    rake (12.3.1)
    rspec (3.8.0)
      rspec-core (~> 3.8.0)
      rspec-expectations (~> 3.8.0)
      rspec-mocks (~> 3.8.0)
    rspec-core (3.8.0)
      rspec-support (~> 3.8.0)
    rspec-expectations (3.8.2)
      diff-lcs (>= 1.2.0, < 2.0)
      rspec-support (~> 3.8.0)
    rspec-mocks (3.8.0)
      diff-lcs (>= 1.2.0, < 2.0)
      rspec-support (~> 3.8.0)
    rspec-support (3.8.0)
    safe_yaml (1.0.4)
    simplecov (0.16.1)
      docile (~> 1.1)
      json (>= 1.8, < 3)
      simplecov-html (~> 0.10.0)
    simplecov-html (0.10.2)
    term-ansicolor (1.6.0)
      tins (~> 1.0)
    thor (0.20.0)
    timecop (0.9.1)
    tins (1.17.0)
    webmock (3.4.2)
      addressable (>= 2.3.6)
      crack (>= 0.3.2)
      hashdiff

PLATFORMS
  ruby

DEPENDENCIES
  byebug
  castle-rb!
  coveralls_reborn
  rack
  rake
  rspec
  simplecov
  timecop
  webmock

BUNDLED WITH
   1.17.0
