PATH
  remote: .
  specs:
    castle-rb (1.3.0)
      activesupport (> 2)
      castle-her (~> 1.0.1)
      faraday_middleware (~> 0.10)
      multi_json (~> 1.11)
      request_store (~> 1.2)

GEM
  remote: http://rubygems.org/
  specs:
    activemodel (5.0.0.1)
      activesupport (= 5.0.0.1)
    activesupport (5.0.0.1)
      concurrent-ruby (~> 1.0, >= 1.0.2)
      i18n (~> 0.7)
      minitest (~> 5.1)
      tzinfo (~> 1.1)
    addressable (2.5.0)
      public_suffix (~> 2.0, >= 2.0.2)
    castle-her (1.0.1)
      activemodel (>= 3.0.0, <= 5.1.0)
      activesupport (>= 3.0.0, <= 5.1.0)
      faraday (>= 0.8, < 1.0)
      multi_json (~> 1.7)
    concurrent-ruby (1.0.2)
    coveralls (0.8.17)
      json (>= 1.8, < 3)
      simplecov (~> 0.12.0)
      term-ansicolor (~> 1.3)
      thor (~> 0.19.1)
      tins (~> 1.6)
    crack (0.4.3)
      safe_yaml (~> 1.0.0)
    diff-lcs (1.2.5)
    docile (1.1.5)
    faraday (0.10.0)
      multipart-post (>= 1.2, < 3)
    faraday_middleware (0.10.1)
      faraday (>= 0.7.4, < 1.0)
    hashdiff (0.3.1)
    i18n (0.7.0)
    json (2.0.2)
    minitest (5.10.1)
    multi_json (1.12.1)
    multipart-post (2.0.0)
    public_suffix (2.0.4)
    rack (1.6.5)
    rake (12.0.0)
    request_store (1.3.1)
    rspec (3.5.0)
      rspec-core (~> 3.5.0)
      rspec-expectations (~> 3.5.0)
      rspec-mocks (~> 3.5.0)
    rspec-core (3.5.4)
      rspec-support (~> 3.5.0)
    rspec-expectations (3.5.0)
      diff-lcs (>= 1.2.0, < 2.0)
      rspec-support (~> 3.5.0)
    rspec-mocks (3.5.0)
      diff-lcs (>= 1.2.0, < 2.0)
      rspec-support (~> 3.5.0)
    rspec-support (3.5.0)
    safe_yaml (1.0.4)
    simplecov (0.12.0)
      docile (~> 1.1.0)
      json (>= 1.8, < 3)
      simplecov-html (~> 0.10.0)
    simplecov-html (0.10.0)
    term-ansicolor (1.4.0)
      tins (~> 1.0)
    thor (0.19.4)
    thread_safe (0.3.5)
    timecop (0.8.1)
    tins (1.13.0)
    tzinfo (1.2.2)
      thread_safe (~> 0.1)
    webmock (1.24.6)
      addressable (>= 2.3.6)
      crack (>= 0.3.2)
      hashdiff

PLATFORMS
  ruby

DEPENDENCIES
  castle-rb!
  coveralls (~> 0.8)
  rack (~> 1.6)
  rake
  rspec (~> 3.3)
  timecop (~> 0.8)
  webmock (~> 1.21)

BUNDLED WITH
   1.12.3
